GEM
  remote: https://rubygems.org/
  specs:
    builder (3.2.2)
    celluloid (0.14.1)
      timers (>= 1.0.0)
    excon (0.6.6)
    fog (0.9.0)
      builder
      excon (~> 0.6.1)
      formatador (>= 0.1.3)
      json
      mime-types
      net-scp (>= 1.0.4)
      net-ssh (>= 2.1.4)
      nokogiri (>= 1.4.4)
      ruby-hmac
    formatador (0.2.4)
    json (1.8.0)
    mime-types (1.23)
    mini_portile (0.5.0)
    net-scp (1.1.2)
      net-ssh (>= 2.6.5)
    net-ssh (2.6.8)
    nokogiri (1.6.0)
      mini_portile (~> 0.5.0)
    postmark (1.0.0)
      json
      rake
    rack (1.5.2)
    rack-protection (1.5.0)
      rack
    rake (10.1.0)
    ruby-hmac (0.4.0)
    sinatra (1.4.3)
      rack (~> 1.4)
      rack-protection (~> 1.4)
      tilt (~> 1.3, >= 1.3.4)
    sucker_punch (1.0.0.beta3)
      celluloid (~> 0.14.1)
    tilt (1.4.1)
    timers (1.1.0)

PLATFORMS
  ruby

DEPENDENCIES
  fog
  nokogiri
  postmark
  sinatra
  sucker_punch (= 1.0.0.beta3)
